GEM
  remote: https://rubygems.org/
  specs:
    sequel (4.24.0)
    sqlite3 (1.3.10)

PLATFORMS
  ruby

DEPENDENCIES
  sequel
  sqlite3

BUNDLED WITH
   1.10.3
